PATH
  remote: .
  specs:
    config_aws (0.1.0)

GEM
  remote: http://rubygems.org/
  specs:
    ast (2.4.2)
    json (2.6.3)
    parallel (1.22.1)
    parser (3.2.0.0)
      ast (~> 2.4.1)
    rainbow (3.1.1)
    rake (10.5.0)
    regexp_parser (2.6.2)
    rexml (3.2.5)
    rubocop (1.44.1)
      json (~> 2.3)
      parallel (~> 1.10)
      parser (>= 3.2.0.0)
      rainbow (>= 2.2.2, < 4.0)
      regexp_parser (>= 1.8, < 3.0)
      rexml (>= 3.2.5, < 4.0)
      rubocop-ast (>= 1.24.1, < 2.0)
      ruby-progressbar (~> 1.7)
      unicode-display_width (>= 2.4.0, < 3.0)
    rubocop-ast (1.24.1)
      parser (>= 3.1.1.0)
    rubocop-capybara (2.17.0)
      rubocop (~> 1.41)
    rubocop-performance (1.15.2)
      rubocop (>= 1.7.0, < 2.0)
      rubocop-ast (>= 0.4.0)
    rubocop-rspec (2.18.1)
      rubocop (~> 1.33)
      rubocop-capybara (~> 2.17)
    ruby-progressbar (1.11.0)
    unicode-display_width (2.4.2)

PLATFORMS
  x86_64-linux

DEPENDENCIES
  config_aws!
  rake (~> 10.4, >= 10.4.2)
  rubocop (~> 1.44, >= 1.44.1)
  rubocop-performance (~> 1.15, >= 1.15.2)
  rubocop-rspec (~> 2.18, >= 2.18.1)

BUNDLED WITH
   2.4.1
